GEM
  remote: http://rubygems.org/
  specs:
    faker (1.0.1)
      i18n (~> 0.4)
    i18n (0.6.0)
    macaddr (1.5.0)
      systemu (>= 2.4.0)
    rack (1.4.1)
    rack-protection (1.2.0)
      rack
    sinatra (1.3.2)
      rack (~> 1.3, >= 1.3.6)
      rack-protection (~> 1.2)
      tilt (~> 1.3, >= 1.3.3)
    sinatra-cross_origin (0.1.0)
    systemu (2.4.2)
    tilt (1.3.3)
    uuid (2.3.5)
      macaddr (~> 1.0)

PLATFORMS
  ruby

DEPENDENCIES
  faker
  sinatra
  sinatra-cross_origin
  uuid
